GEM
  remote: https://rubygems.org/
  specs:
    coderay (1.0.9)
    columnize (0.3.6)
    debugger (1.6.0)
      columnize (>= 0.3.1)
      debugger-linecache (~> 1.2.0)
      debugger-ruby_core_source (~> 1.2.1)
    debugger-linecache (1.2.0)
    debugger-ruby_core_source (1.2.2)
    fastercsv (1.5.5)
    httpclient (2.3.3)
    json (1.8.0)
    linguistics (2.0.2)
      loggability (~> 0.5)
    loggability (0.6.0)
    method_source (0.8.1)
    multi_json (1.7.3)
    neography (1.0.10)
      httpclient (>= 2.3.3)
      json (>= 1.7.7)
      multi_json (>= 1.3.2)
      os (>= 0.9.6)
      rake (>= 0.8.7)
      rubyzip (>= 0.9.7)
    nokogiri (1.5.9)
    openaustralia (1.0.0)
      rake
      xml-mapping
    os (0.9.6)
    pry (0.9.12.2)
      coderay (~> 1.0.5)
      method_source (~> 0.8)
      slop (~> 3.4)
    pry-debugger (0.2.2)
      debugger (~> 1.3)
      pry (~> 0.9.10)
    rack (1.4.5)
    rack-protection (1.5.0)
      rack
    rake (10.0.4)
    rubyzip (0.9.9)
    sinatra (1.3.6)
      rack (~> 1.4)
      rack-protection (~> 1.3)
      tilt (~> 1.3, >= 1.3.3)
    slop (3.4.5)
    tilt (1.3.7)
    timeliness (0.3.7)
    xml-mapping (0.9.1)

PLATFORMS
  ruby

DEPENDENCIES
  fastercsv
  linguistics
  neography
  nokogiri
  openaustralia
  pry-debugger
  rake
  sinatra
  timeliness
