GEM
  remote: https://rubygems.org/
  specs:
    fastercsv (1.5.5)
    httpclient (2.3.3)
    json (1.8.0)
    multi_json (1.7.4)
    neography (1.0.10)
      httpclient (>= 2.3.3)
      json (>= 1.7.7)
      multi_json (>= 1.3.2)
      os (>= 0.9.6)
      rake (>= 0.8.7)
      rubyzip (>= 0.9.7)
    openaustralia (1.0.0)
      rake
      xml-mapping
    os (0.9.6)
    rack (1.4.5)
    rack-protection (1.2.0)
      rack
    rake (10.0.4)
    rubyzip (0.9.9)
    sinatra (1.3.3)
      rack (~> 1.3, >= 1.3.6)
      rack-protection (~> 1.2)
      tilt (~> 1.3, >= 1.3.3)
    tilt (1.4.1)
    xml-mapping (0.9.1)

PLATFORMS
  ruby

DEPENDENCIES
  fastercsv
  neography
  openaustralia
  rake
  sinatra
